PATH
  remote: .
  specs:
    confi (0.0.2)

GEM
  remote: https://rubygems.org/
  specs:
    benchmark (0.4.0)
    benchmark-ips (2.14.0)
    minitest (5.25.5)
    rake (13.2.1)
    ricecream (0.2.1)

PLATFORMS
  ruby
  x86_64-linux

DEPENDENCIES
  benchmark
  benchmark-ips
  confi!
  minitest
  rake
  ricecream

BUNDLED WITH
   2.6.7
